PATH
  remote: .
  specs:
    hearthstone_deck_cli (0.1.0)

GEM
  remote: https://rubygems.org/
  specs:
    coderay (1.1.3)
    method_source (1.0.0)
    pry (0.13.1)
      coderay (~> 1.1)
      method_source (~> 1.0)
    rake (12.3.2)

PLATFORMS
  ruby

DEPENDENCIES
  hearthstone_deck_cli!
  pry
  rake (~> 12.0)
  httparty (~> 0.13.7)

BUNDLED WITH
   2.1.4
