GEM
  remote: https://rubygems.org/
  specs:
    colorize (0.8.1)
    httparty (0.18.1)
      mime-types (~> 3.0)
      multi_xml (>= 0.5.2)
    mime-types (3.3.1)
      mime-types-data (~> 3.2015)
    mime-types-data (3.2020.1104)
    multi_xml (0.6.0)
    rake (12.3.2)
    require_all (3.0.0)

PLATFORMS
  ruby

DEPENDENCIES
  
  httparty
  rake (~> 12.0)
  require_all

BUNDLED WITH
   2.1.4
